GEM
  remote: https://rubygems.org/
  specs:
    autoprefixer-rails (10.4.7.0)
      execjs (~> 2)
    execjs (2.8.1)
    materialize-sass (1.0.0.1)
      autoprefixer-rails (>= 6.0.3)
    mustermann (1.1.1)
      ruby2_keywords (~> 0.0.1)
    nio4r (2.5.8)
    puma (5.6.4)
      nio4r (~> 2.0)
    rack (2.2.4)
    rack-protection (2.2.0)
      rack
    ruby2_keywords (0.0.5)
    sinatra (2.2.0)
      mustermann (~> 1.0)
      rack (~> 2.2)
      rack-protection (= 2.2.0)
      tilt (~> 2.0)
    tilt (2.0.10)

PLATFORMS
  x64-mingw-ucrt

DEPENDENCIES
  materialize-sass
  puma
  sinatra

BUNDLED WITH
   2.3.7
